GIT
  remote: git://github.com/sinatra/sinatra.git
  revision: 227c9df27c7f8b288356d57e50ff1acff1b28499
  specs:
    sinatra (1.2.0.a)
      rack (~> 1.1)
      tilt (>= 1.2.2, < 2.0)

GEM
  remote: http://rubygems.org/
  specs:
    coffee-script (2.1.2)
      coffee-script-source
    coffee-script-source (1.0.1)
    daemons (1.1.0)
    eventmachine (0.12.10)
    eventmachine (0.12.10-java)
    json (1.4.6)
    json (1.4.6-java)
    rack (1.2.1)
    slim (0.9.0)
      temple (~> 0.1.7)
      tilt (~> 1.2)
    temple (0.1.7)
    thin (1.2.7)
      daemons (>= 1.0.9)
      eventmachine (>= 0.12.6)
      rack (>= 1.0.0)
    tilt (1.2.2)

PLATFORMS
  java
  ruby

DEPENDENCIES
  coffee-script
  json
  sinatra!
  slim
  thin
